GEM
  remote: http://rubygems.org/
  specs:
    abstract (1.0.0)
    actionmailer (3.0.8)
      actionpack (= 3.0.8)
      mail (~> 2.2.19)
    actionpack (3.0.8)
      activemodel (= 3.0.8)
      activesupport (= 3.0.8)
      builder (~> 2.1.2)
      erubis (~> 2.6.6)
      i18n (~> 0.5.0)
      rack (~> 1.2.1)
      rack-mount (~> 0.6.14)
      rack-test (~> 0.5.7)
      tzinfo (~> 0.3.23)
    activemodel (3.0.8)
      activesupport (= 3.0.8)
      builder (~> 2.1.2)
      i18n (~> 0.5.0)
    activerecord (3.0.8)
      activemodel (= 3.0.8)
      activesupport (= 3.0.8)
      arel (~> 2.0.10)
      tzinfo (~> 0.3.23)
    activeresource (3.0.8)
      activemodel (= 3.0.8)
      activesupport (= 3.0.8)
    activesupport (3.0.8)
    addressable (2.2.2)
    arel (2.0.10)
    builder (2.1.2)
    erubis (2.6.6)
      abstract (>= 1.0.0)
    faraday (0.5.3)
      addressable (~> 2.2.2)
      multipart-post (~> 1.0.1)
      rack (>= 1.1.0, < 2)
    i18n (0.5.0)
    json_pure (1.5.1)
    kgio (2.3.2)
    kramdown (0.12.0)
    mail (2.2.19)
      activesupport (>= 2.3.6)
      i18n (>= 0.4.0)
      mime-types (~> 1.16)
      treetop (~> 1.4.8)
    mime-types (1.16)
    multi_json (0.0.5)
    multipart-post (1.0.1)
    net-ldap (0.1.1)
    nokogiri (1.4.4)
    oa-basic (0.1.6)
      multi_json (~> 0.0.2)
      nokogiri (~> 1.4.2)
      oa-core (= 0.1.6)
      rest-client (~> 1.6.0)
    oa-core (0.1.6)
      rack (~> 1.1)
    oa-enterprise (0.1.6)
      net-ldap (~> 0.1.1)
      nokogiri (~> 1.4.2)
      oa-core (= 0.1.6)
      pyu-ruby-sasl (~> 0.0.3.1)
      rubyntlm (~> 0.1.1)
    oa-oauth (0.1.6)
      multi_json (~> 0.0.2)
      nokogiri (~> 1.4.2)
      oa-core (= 0.1.6)
      oauth (~> 0.4.0)
      oauth2 (~> 0.1.0)
    oa-openid (0.1.6)
      oa-core (= 0.1.6)
      rack-openid (~> 1.2.0)
      ruby-openid-apps-discovery
    oauth (0.4.4)
    oauth2 (0.1.0)
      faraday (~> 0.5.0)
      multi_json (~> 0.0.4)
    omniauth (0.1.6)
      oa-basic (= 0.1.6)
      oa-core (= 0.1.6)
      oa-enterprise (= 0.1.6)
      oa-oauth (= 0.1.6)
      oa-openid (= 0.1.6)
    polyglot (0.3.1)
    pyu-ruby-sasl (0.0.3.2)
    rack (1.2.1)
    rack-mount (0.6.14)
      rack (>= 1.0.0)
    rack-openid (1.2.0)
      rack (>= 1.1.0)
      ruby-openid (>= 2.1.8)
    rack-test (0.5.7)
      rack (>= 1.0)
    rails (3.0.8)
      actionmailer (= 3.0.8)
      actionpack (= 3.0.8)
      activerecord (= 3.0.8)
      activeresource (= 3.0.8)
      activesupport (= 3.0.8)
      bundler (~> 1.0)
      railties (= 3.0.8)
    railties (3.0.8)
      actionpack (= 3.0.8)
      activesupport (= 3.0.8)
      rake (>= 0.8.7)
      thor (~> 0.14.4)
    rake (0.9.2)
    rest-client (1.6.1)
      mime-types (>= 1.16)
    ruby-openid (2.1.8)
    ruby-openid-apps-discovery (1.2.0)
      ruby-openid (>= 2.1.7)
    rubyntlm (0.1.1)
    sqlite3 (1.3.3)
    thor (0.14.6)
    treetop (1.4.9)
      polyglot (>= 0.3.1)
    tzinfo (0.3.27)
    unicorn (3.4.0)
      kgio (~> 2.2)
      rack

PLATFORMS
  ruby

DEPENDENCIES
  json_pure
  kramdown
  nokogiri
  omniauth
  rails (= 3.0.8)
  sqlite3
  unicorn
